PATH
  remote: .
  specs:
    railsku (0.0.1)
      rack
      sinatra
      unicorn

GEM
  remote: http://rubygems.org/
  specs:
    kgio (2.8.0)
    rack (1.4.5)
    rack-protection (1.2.0)
      rack
    raindrops (0.10.0)
    sinatra (1.3.3)
      rack (~> 1.3, >= 1.3.6)
      rack-protection (~> 1.2)
      tilt (~> 1.3, >= 1.3.3)
    tilt (1.3.4)
    unicorn (4.6.0)
      kgio (~> 2.6)
      rack
      raindrops (~> 0.7)

PLATFORMS
  ruby

DEPENDENCIES
  railsku!
